GEM
  remote: https://rubygems.org/
  specs:
    backports (3.6.1)
    columnize (0.3.6)
    daemons (1.1.9)
    debugger (1.6.6)
      columnize (>= 0.3.1)
      debugger-linecache (~> 1.2.0)
      debugger-ruby_core_source (~> 1.3.2)
    debugger-linecache (1.2.0)
    debugger-ruby_core_source (1.3.2)
    eventmachine (1.0.3)
    gpx (0.6)
    gruff (0.5.1)
      rmagick
    haversine (0.3.0)
    jsmin (1.0.1)
    libxml-ruby (2.7.0)
    multi_json (1.10.1)
    rack (1.5.2)
    rack-protection (1.5.3)
      rack
    rack-test (0.6.2)
      rack (>= 1.0)
    rmagick (2.13.3)
    ruby-units (1.4.5)
    sinatra (1.4.5)
      rack (~> 1.4)
      rack-protection (~> 1.4)
      tilt (~> 1.3, >= 1.3.4)
    sinatra-assetpack (0.3.3)
      jsmin
      rack-test
      sinatra
      tilt (>= 1.3.0, < 2.0)
    sinatra-contrib (1.4.2)
      backports (>= 2.0)
      multi_json
      rack-protection
      rack-test
      sinatra (~> 1.4.0)
      tilt (~> 1.3)
    sinatra-flash (0.3.0)
      sinatra (>= 1.0.0)
    sinatra-static-assets (1.0.4)
      sinatra (>= 1.1.0)
    thin (1.6.2)
      daemons (>= 1.0.9)
      eventmachine (>= 1.0.0)
      rack (>= 1.0.0)
    tilt (1.4.1)

PLATFORMS
  ruby

DEPENDENCIES
  debugger
  gpx
  gruff
  haversine
  libxml-ruby
  ruby-units
  sinatra
  sinatra-assetpack
  sinatra-contrib
  sinatra-flash
  sinatra-static-assets
  thin (= 1.6.2)
